GIT
  remote: https://github.com/newrelic-platform/newrelic_plugin.git
  revision: 913177005ae53883c73395833f3be0e9c6644eae
  branch: release
  specs:
    newrelic_plugin (1.0.1)
      faraday (>= 0.8.1)
      json

GEM
  remote: http://rubygems.org/
  specs:
    bson (1.8.2)
    bson_ext (1.8.2)
      bson (~> 1.8.2)
    dotenv (0.7.0)
    faraday (0.8.7)
      multipart-post (~> 1.1)
    foreman (0.63.0)
      dotenv (>= 0.7)
      thor (>= 0.13.6)
    json (1.8.0)
    mongo (1.8.2)
      bson (~> 1.8.2)
    multipart-post (1.2.0)
    thor (0.18.1)

PLATFORMS
  ruby

DEPENDENCIES
  bson_ext
  foreman
  mongo
  newrelic_plugin!
